PATH
  remote: .
  specs:
    templateGem (0.1.0)
      thor

GEM
  remote: https://rubygems.org/
  specs:
    rake (10.5.0)
    thor (0.20.3)

PLATFORMS
  ruby

DEPENDENCIES
  bundler (~> 1.16)
  rake (~> 10.0)
  templateGem!

BUNDLED WITH
   1.16.1
